GEM
  remote: https://rubygems.org/
  specs:
    colorize (0.8.1)
    io-console (0.4.8)
    power_assert (1.1.5)
    strings-ansi (0.1.0)
    test-unit (3.3.3)
      power_assert
    tty-cursor (0.7.0)
    tty-progressbar (0.17.0)
      strings-ansi (~> 0.1.0)
      tty-cursor (~> 0.7)
      tty-screen (~> 0.7)
      unicode-display_width (~> 1.6)
    tty-screen (0.7.0)
    unicode-display_width (1.6.0)

PLATFORMS
  ruby

DEPENDENCIES
  colorize (~> 0.8.1)
  io-console (~> 0.4.8)
  test-unit (~> 3.3)
  tty-cursor (~> 0.7.0)
  tty-progressbar (~> 0.17.0)

BUNDLED WITH
   2.0.2
